GEM
  remote: http://rubygems.org/
  specs:
    builder (3.0.0)
    crack (0.1.8)
    gon-sinatra (0.1.0)
      sinatra
    haml (3.1.4)
    httparty (0.8.1)
      multi_json
      multi_xml
    json (1.6.6)
    multi_json (1.2.0)
    multi_xml (0.4.2)
    neography (0.0.25)
      crack (= 0.1.8)
      httparty (= 0.8.1)
      json
      os
      rake (>= 0.8.7)
      rubyzip
    os (0.9.6)
    rack (1.4.1)
    rack-protection (1.2.0)
      rack
    rake (0.9.2.2)
    rubyzip (0.9.7)
    sinatra (1.3.2)
      rack (~> 1.3, >= 1.3.6)
      rack-protection (~> 1.2)
      tilt (~> 1.3, >= 1.3.3)
    tilt (1.3.3)

PLATFORMS
  ruby
  x86-mingw32

DEPENDENCIES
  builder
  gon-sinatra
  haml
  json
  neography
  sinatra
